GEM
  remote: https://rubygems.org/
  specs:
    rake (13.0.6)

PLATFORMS
  ruby
  x86_64-darwin-20

DEPENDENCIES
  rake

BUNDLED WITH
   2.4.6
